GEM
  remote: https://rubygems.org/
  specs:
    irb (1.0.0)
    rake (12.3.3)

PLATFORMS
  ruby

DEPENDENCIES
  irb
  rake (~> 12.3)

BUNDLED WITH
   2.0.1
