GEM
  remote: https://rubygems.org/
  specs:
    irb (1.0.0)
    rake (11.3.0)

PLATFORMS
  ruby

DEPENDENCIES
  irb
  rake (~> 11.2)

BUNDLED WITH
   2.0.1
